GEM
  remote: http://rubygems.org/
  specs:
    sass (3.4.10)
    susy (2.2.1)
      sass (>= 3.3.0, < 3.5)

PLATFORMS
  x64-mingw32
  x86-mingw32

DEPENDENCIES
  sass (= 3.4.10)
  susy (= 2.2.1)
